GEM
  remote: https://rubygems.org/
  specs:
    clamp (1.3.1)
    colorize (0.8.1)
    concurrent-ruby (1.1.5)
    descriptive-statistics (2.2.0)
    equatable (0.6.1)
    faker (2.8.0)
      i18n (>= 1.6, < 1.8)
    faraday (1.4.2)
      faraday-em_http (~> 1.0)
      faraday-em_synchrony (~> 1.0)
      faraday-excon (~> 1.1)
      faraday-net_http (~> 1.0)
      faraday-net_http_persistent (~> 1.1)
      multipart-post (>= 1.2, < 3)
      ruby2_keywords (>= 0.0.4)
    faraday-em_http (1.0.0)
    faraday-em_synchrony (1.0.0)
    faraday-excon (1.1.0)
    faraday-net_http (1.0.1)
    faraday-net_http_persistent (1.1.0)
    filesize (0.2.0)
    hashie (4.1.0)
    highline (2.0.3)
    i18n (1.7.0)
      concurrent-ruby (~> 1.0)
    inflection (1.0.0)
    mini_mime (1.1.0)
    mixlib-shellout (3.0.7)
    multipart-post (2.1.1)
    necromancer (0.5.1)
    parslet (1.8.2)
    pastel (0.7.3)
      equatable (~> 0.6)
      tty-color (~> 0.5)
    ruby2_keywords (0.0.4)
    toml (0.2.0)
      parslet (~> 1.8.0)
    trollop (2.9.10)
    tty-color (0.5.0)
    tty-config (0.3.2)
    tty-cursor (0.7.0)
    tty-prompt (0.20.0)
      necromancer (~> 0.5.0)
      pastel (~> 0.7.0)
      tty-reader (~> 0.7.0)
    tty-reader (0.7.0)
      tty-cursor (~> 0.7)
      tty-screen (~> 0.7)
      wisper (~> 2.0.0)
    tty-screen (0.7.0)
    wisper (2.0.1)
    zendesk_api (1.30.0)
      faraday (>= 0.9.0, < 2.0.0)
      hashie (>= 3.5.2, < 5.0.0)
      inflection
      mini_mime
      multipart-post (~> 2.0)

PLATFORMS
  ruby

DEPENDENCIES
  clamp
  colorize
  descriptive-statistics
  faker
  filesize
  highline
  mixlib-shellout
  toml
  trollop
  tty-config
  tty-prompt
  zendesk_api

BUNDLED WITH
   1.17.3
