GEM
  remote: https://rubygems.org/
  specs:
    clamp (1.3.1)
    colorize (0.8.1)
    concurrent-ruby (1.1.5)
    descriptive-statistics (2.2.0)
    faker (2.8.0)
      i18n (>= 1.6, < 1.8)
    faraday (0.17.1)
      multipart-post (>= 1.2, < 3)
    filesize (0.2.0)
    hashie (3.6.0)
    highline (2.0.3)
    i18n (1.7.0)
      concurrent-ruby (~> 1.0)
    inflection (1.0.0)
    mime-types (3.3)
      mime-types-data (~> 3.2015)
    mime-types-data (3.2019.1009)
    mixlib-shellout (3.0.7)
    multipart-post (2.1.1)
    parslet (1.8.2)
    pastel (0.8.0)
      tty-color (~> 0.5)
    toml (0.2.0)
      parslet (~> 1.8.0)
    trollop (2.9.10)
    tty-color (0.6.0)
    tty-config (0.3.2)
    tty-cursor (0.7.1)
    tty-prompt (0.23.0)
      pastel (~> 0.8)
      tty-reader (~> 0.8)
    tty-reader (0.9.0)
      tty-cursor (~> 0.7)
      tty-screen (~> 0.8)
      wisper (~> 2.0)
    tty-screen (0.8.1)
    wisper (2.0.1)
    zendesk_api (1.23.0)
      faraday (>= 0.9.0, < 1.0.0)
      hashie (>= 3.5.2, < 4.0.0)
      inflection
      mime-types
      multipart-post (~> 2.0)

PLATFORMS
  ruby

DEPENDENCIES
  clamp
  colorize
  descriptive-statistics
  faker
  filesize
  highline
  mixlib-shellout
  toml
  trollop
  tty-config
  tty-prompt
  zendesk_api

BUNDLED WITH
   1.17.3
